PATH
  remote: .
  specs:
    em-websocket (0.3.7)
      addressable (>= 2.1.1)
      eventmachine (>= 0.12.9)

GEM
  remote: http://rubygems.org/
  specs:
    addressable (2.2.8)
    bacon (1.1.0)
    diff-lcs (1.1.3)
    em-http-request (0.2.15)
      addressable (>= 2.0.0)
      eventmachine (>= 0.12.9)
    em-spec (0.2.6)
      bacon
      eventmachine
      rspec (> 2.6.0)
      test-unit
    eventmachine (0.12.10)
    rake (0.9.2.2)
    rspec (2.8.0)
      rspec-core (~> 2.8.0)
      rspec-expectations (~> 2.8.0)
      rspec-mocks (~> 2.8.0)
    rspec-core (2.8.0)
    rspec-expectations (2.8.0)
      diff-lcs (~> 1.1.2)
    rspec-mocks (2.8.0)
    test-unit (2.5.0)

PLATFORMS
  ruby

DEPENDENCIES
  em-http-request (~> 0.2.6)
  em-spec (~> 0.2.6)
  em-websocket!
  eventmachine (~> 0.12.10)
  rake
  rspec (~> 2.8.0)
